GEM
  remote: https://rubygems.org/
  specs:
    addressable (2.8.0)
      public_suffix (>= 2.0.2, < 5.0)
    benchmark-ips (2.1.1)
    buftok (0.2.0)
    colored (1.2)
    cookiejar (0.3.2)
    daemons (1.2.3)
    diff-lcs (1.2.5)
    em-http-request (1.1.2)
      addressable (>= 2.3.4)
      cookiejar
      em-socksify (>= 0.3)
      eventmachine (>= 1.0.3)
      http_parser.rb (>= 0.6.0)
    em-socksify (0.3.1)
      eventmachine (>= 1.0.0.beta.4)
    em-twitter (0.3.5)
      buftok (~> 0.2)
      eventmachine (~> 1.0)
      http_parser.rb (~> 0.6)
      simple_oauth (~> 0.2)
    emoji_data (0.2.0)
    equalizer (0.0.11)
    eventmachine (1.0.8)
    faraday (0.9.2)
      multipart-post (>= 1.2, < 3)
    hiredis (0.6.0)
    http (0.5.1)
      http_parser.rb
    http_parser.rb (0.6.0)
    json (1.8.6)
    memoizable (0.4.2)
      thread_safe (~> 0.3, >= 0.3.1)
    multi_json (1.11.2)
    multipart-post (2.0.0)
    naught (1.1.0)
    newrelic_rpm (3.13.2.302)
    oj (2.18.5)
    public_suffix (4.0.6)
    rake (10.4.2)
    redis (3.0.7)
    rspec (3.1.0)
      rspec-core (~> 3.1.0)
      rspec-expectations (~> 3.1.0)
      rspec-mocks (~> 3.1.0)
    rspec-core (3.1.7)
      rspec-support (~> 3.1.0)
    rspec-expectations (3.1.2)
      diff-lcs (>= 1.2.0, < 2.0)
      rspec-support (~> 3.1.0)
    rspec-mocks (3.1.3)
      rspec-support (~> 3.1.0)
    rspec-support (3.1.2)
    simple_oauth (0.2.0)
    stackprof (0.2.7)
    thread_safe (0.3.5)
    tweetstream (2.6.1)
      daemons (~> 1.1)
      em-http-request (>= 1.1.1)
      em-twitter (~> 0.3)
      multi_json (~> 1.3)
      twitter (~> 5.5)
    twitter (5.8.0)
      addressable (~> 2.3)
      buftok (~> 0.2.0)
      equalizer (~> 0.0.9)
      faraday (~> 0.9.0)
      http (~> 0.5.0)
      http_parser.rb (~> 0.6.0)
      json (~> 1.8)
      memoizable (~> 0.4.0)
      naught (~> 1.0)
      simple_oauth (~> 0.2.0)

PLATFORMS
  ruby

DEPENDENCIES
  benchmark-ips (~> 2.1.0)
  colored (~> 1.2)
  emoji_data (~> 0.2.0)
  hiredis (~> 0.6.0)
  newrelic_rpm
  oj (~> 2.18.5)
  rake
  redis (~> 3.0.7)
  rspec (~> 3.1.0)
  stackprof
  tweetstream (~> 2.6.1)
  twitter (= 5.8.0)

RUBY VERSION
   ruby 2.7.3p183

BUNDLED WITH
   2.1.4
